STORAGE: NONE
STRATEGY: MIN
RESTRICTION: == netstandard2.0
NUGET
  remote: https://api.nuget.org/v3/index.json
    FSharp.Core (6.0)
    HtmlAgilityPack (1.11)
      System.Net.Http (>= 4.3.2)
      System.Xml.XmlDocument (>= 4.3)
      System.Xml.XPath (>= 4.3)
      System.Xml.XPath.XmlDocument (>= 4.3)
    Microsoft.NETCore.Platforms (1.1)
    Microsoft.NETCore.Targets (1.1)
    runtime.debian.8-x64.runtime.native.System.Security.Cryptography.OpenSsl (4.3)
    runtime.fedora.23-x64.runtime.native.System.Security.Cryptography.OpenSsl (4.3)
    runtime.fedora.24-x64.runtime.native.System.Security.Cryptography.OpenSsl (4.3)
    runtime.native.System (4.3)
      Microsoft.NETCore.Platforms (>= 1.1)
      Microsoft.NETCore.Targets (>= 1.1)
    runtime.native.System.Net.Http (4.3)
      Microsoft.NETCore.Platforms (>= 1.1)
      Microsoft.NETCore.Targets (>= 1.1)
    runtime.native.System.Security.Cryptography.Apple (4.3)
      runtime.osx.10.10-x64.runtime.native.System.Security.Cryptography.Apple (>= 4.3)
    runtime.native.System.Security.Cryptography.OpenSsl (4.3)
      runtime.debian.8-x64.runtime.native.System.Security.Cryptography.OpenSsl (>= 4.3)
      runtime.fedora.23-x64.runtime.native.System.Security.Cryptography.OpenSsl (>= 4.3)
      runtime.fedora.24-x64.runtime.native.System.Security.Cryptography.OpenSsl (>= 4.3)
      runtime.opensuse.13.2-x64.runtime.native.System.Security.Cryptography.OpenSsl (>= 4.3)
      runtime.opensuse.42.1-x64.runtime.native.System.Security.Cryptography.OpenSsl (>= 4.3)
      runtime.osx.10.10-x64.runtime.native.System.Security.Cryptography.OpenSsl (>= 4.3)
      runtime.rhel.7-x64.runtime.native.System.Security.Cryptography.OpenSsl (>= 4.3)
      runtime.ubuntu.14.04-x64.runtime.native.System.Security.Cryptography.OpenSsl (>= 4.3)
      runtime.ubuntu.16.04-x64.runtime.native.System.Security.Cryptography.OpenSsl (>= 4.3)
      runtime.ubuntu.16.10-x64.runtime.native.System.Security.Cryptography.OpenSsl (>= 4.3)
    runtime.opensuse.13.2-x64.runtime.native.System.Security.Cryptography.OpenSsl (4.3)
    runtime.opensuse.42.1-x64.runtime.native.System.Security.Cryptography.OpenSsl (4.3)
    runtime.osx.10.10-x64.runtime.native.System.Security.Cryptography.Apple (4.3)
    runtime.osx.10.10-x64.runtime.native.System.Security.Cryptography.OpenSsl (4.3)
    runtime.rhel.7-x64.runtime.native.System.Security.Cryptography.OpenSsl (4.3)
    runtime.ubuntu.14.04-x64.runtime.native.System.Security.Cryptography.OpenSsl (4.3)
    runtime.ubuntu.16.04-x64.runtime.native.System.Security.Cryptography.OpenSsl (4.3)
    runtime.ubuntu.16.10-x64.runtime.native.System.Security.Cryptography.OpenSsl (4.3)
    System.Collections (4.3)
      Microsoft.NETCore.Platforms (>= 1.1)
      Microsoft.NETCore.Targets (>= 1.1)
      System.Runtime (>= 4.3)
    System.Collections.Concurrent (4.3)
      System.Collections (>= 4.3)
      System.Diagnostics.Debug (>= 4.3)
      System.Diagnostics.Tracing (>= 4.3)
      System.Globalization (>= 4.3)
      System.Reflection (>= 4.3)
      System.Resources.ResourceManager (>= 4.3)
      System.Runtime (>= 4.3)
      System.Runtime.Extensions (>= 4.3)
      System.Threading (>= 4.3)
      System.Threading.Tasks (>= 4.3)
    System.Diagnostics.Debug (4.3)
      Microsoft.NETCore.Platforms (>= 1.1)
      Microsoft.NETCore.Targets (>= 1.1)
      System.Runtime (>= 4.3)
    System.Diagnostics.DiagnosticSource (4.3)
      System.Collections (>= 4.3)
      System.Diagnostics.Tracing (>= 4.3)
      System.Reflection (>= 4.3)
      System.Runtime (>= 4.3)
      System.Threading (>= 4.3)
    System.Diagnostics.Tracing (4.3)
      Microsoft.NETCore.Platforms (>= 1.1)
      Microsoft.NETCore.Targets (>= 1.1)
      System.Runtime (>= 4.3)
    System.Globalization (4.3)
      Microsoft.NETCore.Platforms (>= 1.1)
      Microsoft.NETCore.Targets (>= 1.1)
      System.Runtime (>= 4.3)
    System.Globalization.Calendars (4.3)
      Microsoft.NETCore.Platforms (>= 1.1)
      Microsoft.NETCore.Targets (>= 1.1)
      System.Globalization (>= 4.3)
      System.Runtime (>= 4.3)
    System.Globalization.Extensions (4.3)
      Microsoft.NETCore.Platforms (>= 1.1)
      System.Globalization (>= 4.3)
      System.Resources.ResourceManager (>= 4.3)
      System.Runtime (>= 4.3)
      System.Runtime.Extensions (>= 4.3)
      System.Runtime.InteropServices (>= 4.3)
    System.IO (4.3)
      Microsoft.NETCore.Platforms (>= 1.1)
      Microsoft.NETCore.Targets (>= 1.1)
      System.Runtime (>= 4.3)
      System.Text.Encoding (>= 4.3)
      System.Threading.Tasks (>= 4.3)
    System.IO.FileSystem (4.3)
      Microsoft.NETCore.Platforms (>= 1.1)
      Microsoft.NETCore.Targets (>= 1.1)
      System.IO (>= 4.3)
      System.IO.FileSystem.Primitives (>= 4.3)
      System.Runtime (>= 4.3)
      System.Runtime.Handles (>= 4.3)
      System.Text.Encoding (>= 4.3)
      System.Threading.Tasks (>= 4.3)
    System.IO.FileSystem.Primitives (4.3)
      System.Runtime (>= 4.3)
    System.Linq (4.3)
      System.Collections (>= 4.3)
      System.Diagnostics.Debug (>= 4.3)
      System.Resources.ResourceManager (>= 4.3)
      System.Runtime (>= 4.3)
      System.Runtime.Extensions (>= 4.3)
    System.Net.Http (4.3.2)
      Microsoft.NETCore.Platforms (>= 1.1)
      runtime.native.System (>= 4.3)
      runtime.native.System.Net.Http (>= 4.3)
      runtime.native.System.Security.Cryptography.OpenSsl (>= 4.3)
      System.Collections (>= 4.3)
      System.Diagnostics.Debug (>= 4.3)
      System.Diagnostics.DiagnosticSource (>= 4.3)
      System.Diagnostics.Tracing (>= 4.3)
      System.Globalization (>= 4.3)
      System.Globalization.Extensions (>= 4.3)
      System.IO (>= 4.3)
      System.IO.FileSystem (>= 4.3)
      System.Net.Primitives (>= 4.3)
      System.Resources.ResourceManager (>= 4.3)
      System.Runtime (>= 4.3)
      System.Runtime.Extensions (>= 4.3)
      System.Runtime.Handles (>= 4.3)
      System.Runtime.InteropServices (>= 4.3)
      System.Security.Cryptography.Algorithms (>= 4.3)
      System.Security.Cryptography.Encoding (>= 4.3)
      System.Security.Cryptography.OpenSsl (>= 4.3)
      System.Security.Cryptography.Primitives (>= 4.3)
      System.Security.Cryptography.X509Certificates (>= 4.3)
      System.Text.Encoding (>= 4.3)
      System.Threading (>= 4.3)
      System.Threading.Tasks (>= 4.3)
    System.Net.Primitives (4.3)
      Microsoft.NETCore.Platforms (>= 1.1)
      Microsoft.NETCore.Targets (>= 1.1)
      System.Runtime (>= 4.3)
      System.Runtime.Handles (>= 4.3)
    System.Reflection (4.3)
      Microsoft.NETCore.Platforms (>= 1.1)
      Microsoft.NETCore.Targets (>= 1.1)
      System.IO (>= 4.3)
      System.Reflection.Primitives (>= 4.3)
      System.Runtime (>= 4.3)
    System.Reflection.Emit.ILGeneration (4.7)
    System.Reflection.Emit.Lightweight (4.7)
      System.Reflection.Emit.ILGeneration (>= 4.7)
    System.Reflection.Primitives (4.3)
      Microsoft.NETCore.Platforms (>= 1.1)
      Microsoft.NETCore.Targets (>= 1.1)
      System.Runtime (>= 4.3)
    System.Resources.ResourceManager (4.3)
      Microsoft.NETCore.Platforms (>= 1.1)
      Microsoft.NETCore.Targets (>= 1.1)
      System.Globalization (>= 4.3)
      System.Reflection (>= 4.3)
      System.Runtime (>= 4.3)
    System.Runtime (4.3)
      Microsoft.NETCore.Platforms (>= 1.1)
      Microsoft.NETCore.Targets (>= 1.1)
    System.Runtime.Extensions (4.3)
      Microsoft.NETCore.Platforms (>= 1.1)
      Microsoft.NETCore.Targets (>= 1.1)
      System.Runtime (>= 4.3)
    System.Runtime.Handles (4.3)
      Microsoft.NETCore.Platforms (>= 1.1)
      Microsoft.NETCore.Targets (>= 1.1)
      System.Runtime (>= 4.3)
    System.Runtime.InteropServices (4.3)
      Microsoft.NETCore.Platforms (>= 1.1)
      Microsoft.NETCore.Targets (>= 1.1)
      System.Reflection (>= 4.3)
      System.Reflection.Primitives (>= 4.3)
      System.Runtime (>= 4.3)
      System.Runtime.Handles (>= 4.3)
    System.Runtime.Numerics (4.3)
      System.Globalization (>= 4.3)
      System.Resources.ResourceManager (>= 4.3)
      System.Runtime (>= 4.3)
      System.Runtime.Extensions (>= 4.3)
    System.Security.Cryptography.Algorithms (4.3)
      Microsoft.NETCore.Platforms (>= 1.1)
      runtime.native.System.Security.Cryptography.Apple (>= 4.3)
      runtime.native.System.Security.Cryptography.OpenSsl (>= 4.3)
      System.Collections (>= 4.3)
      System.IO (>= 4.3)
      System.Resources.ResourceManager (>= 4.3)
      System.Runtime (>= 4.3)
      System.Runtime.Extensions (>= 4.3)
      System.Runtime.Handles (>= 4.3)
      System.Runtime.InteropServices (>= 4.3)
      System.Runtime.Numerics (>= 4.3)
      System.Security.Cryptography.Encoding (>= 4.3)
      System.Security.Cryptography.Primitives (>= 4.3)
      System.Text.Encoding (>= 4.3)
    System.Security.Cryptography.Cng (4.3)
      Microsoft.NETCore.Platforms (>= 1.1)
      System.IO (>= 4.3)
      System.Resources.ResourceManager (>= 4.3)
      System.Runtime (>= 4.3)
      System.Runtime.Extensions (>= 4.3)
      System.Runtime.Handles (>= 4.3)
      System.Runtime.InteropServices (>= 4.3)
      System.Security.Cryptography.Algorithms (>= 4.3)
      System.Security.Cryptography.Encoding (>= 4.3)
      System.Security.Cryptography.Primitives (>= 4.3)
      System.Text.Encoding (>= 4.3)
    System.Security.Cryptography.Csp (4.3)
      Microsoft.NETCore.Platforms (>= 1.1)
      System.IO (>= 4.3)
      System.Reflection (>= 4.3)
      System.Resources.ResourceManager (>= 4.3)
      System.Runtime (>= 4.3)
      System.Runtime.Extensions (>= 4.3)
      System.Runtime.Handles (>= 4.3)
      System.Runtime.InteropServices (>= 4.3)
      System.Security.Cryptography.Algorithms (>= 4.3)
      System.Security.Cryptography.Encoding (>= 4.3)
      System.Security.Cryptography.Primitives (>= 4.3)
      System.Text.Encoding (>= 4.3)
      System.Threading (>= 4.3)
    System.Security.Cryptography.Encoding (4.3)
      Microsoft.NETCore.Platforms (>= 1.1)
      runtime.native.System.Security.Cryptography.OpenSsl (>= 4.3)
      System.Collections (>= 4.3)
      System.Collections.Concurrent (>= 4.3)
      System.Linq (>= 4.3)
      System.Resources.ResourceManager (>= 4.3)
      System.Runtime (>= 4.3)
      System.Runtime.Extensions (>= 4.3)
      System.Runtime.Handles (>= 4.3)
      System.Runtime.InteropServices (>= 4.3)
      System.Security.Cryptography.Primitives (>= 4.3)
      System.Text.Encoding (>= 4.3)
    System.Security.Cryptography.OpenSsl (4.3)
      runtime.native.System.Security.Cryptography.OpenSsl (>= 4.3)
      System.Collections (>= 4.3)
      System.IO (>= 4.3)
      System.Resources.ResourceManager (>= 4.3)
      System.Runtime (>= 4.3)
      System.Runtime.Extensions (>= 4.3)
      System.Runtime.Handles (>= 4.3)
      System.Runtime.InteropServices (>= 4.3)
      System.Runtime.Numerics (>= 4.3)
      System.Security.Cryptography.Algorithms (>= 4.3)
      System.Security.Cryptography.Encoding (>= 4.3)
      System.Security.Cryptography.Primitives (>= 4.3)
      System.Text.Encoding (>= 4.3)
    System.Security.Cryptography.Primitives (4.3)
      System.Diagnostics.Debug (>= 4.3)
      System.Globalization (>= 4.3)
      System.IO (>= 4.3)
      System.Resources.ResourceManager (>= 4.3)
      System.Runtime (>= 4.3)
      System.Threading (>= 4.3)
      System.Threading.Tasks (>= 4.3)
    System.Security.Cryptography.X509Certificates (4.3)
      Microsoft.NETCore.Platforms (>= 1.1)
      runtime.native.System (>= 4.3)
      runtime.native.System.Net.Http (>= 4.3)
      runtime.native.System.Security.Cryptography.OpenSsl (>= 4.3)
      System.Collections (>= 4.3)
      System.Diagnostics.Debug (>= 4.3)
      System.Globalization (>= 4.3)
      System.Globalization.Calendars (>= 4.3)
      System.IO (>= 4.3)
      System.IO.FileSystem (>= 4.3)
      System.IO.FileSystem.Primitives (>= 4.3)
      System.Resources.ResourceManager (>= 4.3)
      System.Runtime (>= 4.3)
      System.Runtime.Extensions (>= 4.3)
      System.Runtime.Handles (>= 4.3)
      System.Runtime.InteropServices (>= 4.3)
      System.Runtime.Numerics (>= 4.3)
      System.Security.Cryptography.Algorithms (>= 4.3)
      System.Security.Cryptography.Cng (>= 4.3)
      System.Security.Cryptography.Csp (>= 4.3)
      System.Security.Cryptography.Encoding (>= 4.3)
      System.Security.Cryptography.OpenSsl (>= 4.3)
      System.Security.Cryptography.Primitives (>= 4.3)
      System.Text.Encoding (>= 4.3)
      System.Threading (>= 4.3)
    System.Text.Encoding (4.3)
      Microsoft.NETCore.Platforms (>= 1.1)
      Microsoft.NETCore.Targets (>= 1.1)
      System.Runtime (>= 4.3)
    System.Text.Encoding.Extensions (4.3)
      Microsoft.NETCore.Platforms (>= 1.1)
      Microsoft.NETCore.Targets (>= 1.1)
      System.Runtime (>= 4.3)
      System.Text.Encoding (>= 4.3)
    System.Text.RegularExpressions (4.3)
      System.Collections (>= 4.3)
      System.Globalization (>= 4.3)
      System.Resources.ResourceManager (>= 4.3)
      System.Runtime (>= 4.3)
      System.Runtime.Extensions (>= 4.3)
      System.Threading (>= 4.3)
    System.Threading (4.3)
      System.Runtime (>= 4.3)
      System.Threading.Tasks (>= 4.3)
    System.Threading.Tasks (4.3)
      Microsoft.NETCore.Platforms (>= 1.1)
      Microsoft.NETCore.Targets (>= 1.1)
      System.Runtime (>= 4.3)
    System.Threading.Tasks.Extensions (4.3)
      System.Collections (>= 4.3)
      System.Runtime (>= 4.3)
      System.Threading.Tasks (>= 4.3)
    System.Xml.ReaderWriter (4.3)
      System.Collections (>= 4.3)
      System.Diagnostics.Debug (>= 4.3)
      System.Globalization (>= 4.3)
      System.IO (>= 4.3)
      System.IO.FileSystem (>= 4.3)
      System.IO.FileSystem.Primitives (>= 4.3)
      System.Resources.ResourceManager (>= 4.3)
      System.Runtime (>= 4.3)
      System.Runtime.Extensions (>= 4.3)
      System.Runtime.InteropServices (>= 4.3)
      System.Text.Encoding (>= 4.3)
      System.Text.Encoding.Extensions (>= 4.3)
      System.Text.RegularExpressions (>= 4.3)
      System.Threading.Tasks (>= 4.3)
      System.Threading.Tasks.Extensions (>= 4.3)
    System.Xml.XmlDocument (4.3)
      System.Collections (>= 4.3)
      System.Diagnostics.Debug (>= 4.3)
      System.Globalization (>= 4.3)
      System.IO (>= 4.3)
      System.Resources.ResourceManager (>= 4.3)
      System.Runtime (>= 4.3)
      System.Runtime.Extensions (>= 4.3)
      System.Text.Encoding (>= 4.3)
      System.Threading (>= 4.3)
      System.Xml.ReaderWriter (>= 4.3)
    System.Xml.XPath (4.3)
      System.Collections (>= 4.3)
      System.Diagnostics.Debug (>= 4.3)
      System.Globalization (>= 4.3)
      System.IO (>= 4.3)
      System.Resources.ResourceManager (>= 4.3)
      System.Runtime (>= 4.3)
      System.Runtime.Extensions (>= 4.3)
      System.Threading (>= 4.3)
      System.Xml.ReaderWriter (>= 4.3)
    System.Xml.XPath.XmlDocument (4.3)
      System.Collections (>= 4.3)
      System.Globalization (>= 4.3)
      System.IO (>= 4.3)
      System.Resources.ResourceManager (>= 4.3)
      System.Runtime (>= 4.3)
      System.Runtime.Extensions (>= 4.3)
      System.Threading (>= 4.3)
      System.Xml.ReaderWriter (>= 4.3)
      System.Xml.XmlDocument (>= 4.3)
      System.Xml.XPath (>= 4.3)
  remote: https://nuget.pkg.github.com/dotnet-websharper/index.json
    WebSharper (7.0.3.355-beta2)
      FSharp.Core (>= 6.0)
      System.Reflection.Emit.Lightweight (>= 4.7)
    WebSharper.FSharp (7.0.3.355-beta2)
      WebSharper (7.0.3.355-beta2)
    WebSharper.MathJS (7.0.3.355-beta2)
      WebSharper (7.0.3.355-beta2)
    WebSharper.UI (7.0.1.355-beta2)
      HtmlAgilityPack (>= 1.11)
      WebSharper (>= 7.0.3 < 7.1)
      WebSharper.MathJS (>= 7.0.3 < 7.1)

GROUP test
STORAGE: NONE
RESTRICTION: == net6.0
NUGET
  remote: https://api.nuget.org/v3/index.json
    FSharp.Core (7.0.401)
    HtmlAgilityPack (1.11.54)
    Microsoft.AspNetCore (2.2)
      Microsoft.AspNetCore.Diagnostics (>= 2.2)
      Microsoft.AspNetCore.HostFiltering (>= 2.2)
      Microsoft.AspNetCore.Hosting (>= 2.2)
      Microsoft.AspNetCore.Routing (>= 2.2)
      Microsoft.AspNetCore.Server.IIS (>= 2.2)
      Microsoft.AspNetCore.Server.IISIntegration (>= 2.2)
      Microsoft.AspNetCore.Server.Kestrel (>= 2.2)
      Microsoft.AspNetCore.Server.Kestrel.Https (>= 2.2)
      Microsoft.Extensions.Configuration.CommandLine (>= 2.2)
      Microsoft.Extensions.Configuration.EnvironmentVariables (>= 2.2)
      Microsoft.Extensions.Configuration.FileExtensions (>= 2.2)
      Microsoft.Extensions.Configuration.Json (>= 2.2)
      Microsoft.Extensions.Configuration.UserSecrets (>= 2.2)
      Microsoft.Extensions.Logging (>= 2.2)
      Microsoft.Extensions.Logging.Configuration (>= 2.2)
      Microsoft.Extensions.Logging.Console (>= 2.2)
      Microsoft.Extensions.Logging.Debug (>= 2.2)
      Microsoft.Extensions.Logging.EventSource (>= 2.2)
    Microsoft.AspNetCore.Authentication.Abstractions (2.2)
      Microsoft.AspNetCore.Http.Abstractions (>= 2.2)
      Microsoft.Extensions.Logging.Abstractions (>= 2.2)
      Microsoft.Extensions.Options (>= 2.2)
    Microsoft.AspNetCore.Authentication.Core (2.2)
      Microsoft.AspNetCore.Authentication.Abstractions (>= 2.2)
      Microsoft.AspNetCore.Http (>= 2.2)
      Microsoft.AspNetCore.Http.Extensions (>= 2.2)
    Microsoft.AspNetCore.Connections.Abstractions (7.0.13)
      Microsoft.Extensions.Features (>= 7.0.13)
      System.IO.Pipelines (>= 7.0)
    Microsoft.AspNetCore.Diagnostics (2.2)
      Microsoft.AspNetCore.Diagnostics.Abstractions (>= 2.2)
      Microsoft.AspNetCore.Hosting.Abstractions (>= 2.2)
      Microsoft.AspNetCore.Http.Extensions (>= 2.2)
      Microsoft.AspNetCore.WebUtilities (>= 2.2)
      Microsoft.Extensions.FileProviders.Physical (>= 2.2)
      Microsoft.Extensions.Logging.Abstractions (>= 2.2)
      Microsoft.Extensions.Options (>= 2.2)
      System.Diagnostics.DiagnosticSource (>= 4.5)
      System.Reflection.Metadata (>= 1.6)
    Microsoft.AspNetCore.Diagnostics.Abstractions (2.2)
    Microsoft.AspNetCore.HostFiltering (2.2)
      Microsoft.AspNetCore.Hosting.Abstractions (>= 2.2)
      Microsoft.AspNetCore.Http (>= 2.2)
      Microsoft.AspNetCore.Http.Extensions (>= 2.2)
      Microsoft.Extensions.Options (>= 2.2)
    Microsoft.AspNetCore.Hosting (2.2.7)
      Microsoft.AspNetCore.Hosting.Abstractions (>= 2.2)
      Microsoft.AspNetCore.Http (>= 2.2)
      Microsoft.AspNetCore.Http.Extensions (>= 2.2)
      Microsoft.Extensions.Configuration (>= 2.2)
      Microsoft.Extensions.Configuration.EnvironmentVariables (>= 2.2.4)
      Microsoft.Extensions.Configuration.FileExtensions (>= 2.2)
      Microsoft.Extensions.DependencyInjection (>= 2.2)
      Microsoft.Extensions.FileProviders.Physical (>= 2.2)
      Microsoft.Extensions.Hosting.Abstractions (>= 2.2)
      Microsoft.Extensions.Logging (>= 2.2)
      Microsoft.Extensions.Options (>= 2.2)
      System.Diagnostics.DiagnosticSource (>= 4.5.1)
      System.Reflection.Metadata (>= 1.6)
    Microsoft.AspNetCore.Hosting.Abstractions (2.2)
      Microsoft.AspNetCore.Hosting.Server.Abstractions (>= 2.2)
      Microsoft.AspNetCore.Http.Abstractions (>= 2.2)
      Microsoft.Extensions.Hosting.Abstractions (>= 2.2)
    Microsoft.AspNetCore.Hosting.Server.Abstractions (2.2)
      Microsoft.AspNetCore.Http.Features (>= 2.2)
      Microsoft.Extensions.Configuration.Abstractions (>= 2.2)
    Microsoft.AspNetCore.Http (2.2.2)
      Microsoft.AspNetCore.Http.Abstractions (>= 2.2)
      Microsoft.AspNetCore.WebUtilities (>= 2.2)
      Microsoft.Extensions.ObjectPool (>= 2.2)
      Microsoft.Extensions.Options (>= 2.2)
      Microsoft.Net.Http.Headers (>= 2.2)
    Microsoft.AspNetCore.Http.Abstractions (2.2)
      Microsoft.AspNetCore.Http.Features (>= 2.2)
      System.Text.Encodings.Web (>= 4.5)
    Microsoft.AspNetCore.Http.Extensions (2.2)
      Microsoft.AspNetCore.Http.Abstractions (>= 2.2)
      Microsoft.Extensions.FileProviders.Abstractions (>= 2.2)
      Microsoft.Net.Http.Headers (>= 2.2)
      System.Buffers (>= 4.5)
    Microsoft.AspNetCore.Http.Features (5.0.17)
      Microsoft.Extensions.Primitives (>= 5.0.1)
      System.IO.Pipelines (>= 5.0.2)
    Microsoft.AspNetCore.HttpOverrides (2.2)
      Microsoft.AspNetCore.Http.Extensions (>= 2.2)
      Microsoft.Extensions.Logging.Abstractions (>= 2.2)
      Microsoft.Extensions.Options (>= 2.2)
    Microsoft.AspNetCore.Mvc.Abstractions (2.2)
      Microsoft.AspNetCore.Routing.Abstractions (>= 2.2)
      Microsoft.Net.Http.Headers (>= 2.2)
    Microsoft.AspNetCore.Routing (2.2.2)
      Microsoft.AspNetCore.Http.Extensions (>= 2.2)
      Microsoft.AspNetCore.Routing.Abstractions (>= 2.2)
      Microsoft.Extensions.Logging.Abstractions (>= 2.2)
      Microsoft.Extensions.ObjectPool (>= 2.2)
      Microsoft.Extensions.Options (>= 2.2)
    Microsoft.AspNetCore.Routing.Abstractions (2.2)
      Microsoft.AspNetCore.Http.Abstractions (>= 2.2)
    Microsoft.AspNetCore.Server.IIS (2.2.6)
      Microsoft.AspNetCore.Authentication.Core (>= 2.2)
      Microsoft.AspNetCore.Connections.Abstractions (>= 2.2)
      Microsoft.AspNetCore.Hosting.Abstractions (>= 2.2)
      System.IO.Pipelines (>= 4.5.3)
      System.Security.Principal.Windows (>= 4.5)
    Microsoft.AspNetCore.Server.IISIntegration (2.2.1)
      Microsoft.AspNetCore.Authentication.Core (>= 2.2)
      Microsoft.AspNetCore.Hosting.Abstractions (>= 2.2)
      Microsoft.AspNetCore.Http (>= 2.2)
      Microsoft.AspNetCore.Http.Extensions (>= 2.2)
      Microsoft.AspNetCore.HttpOverrides (>= 2.2)
      Microsoft.Extensions.Logging.Abstractions (>= 2.2)
      Microsoft.Extensions.Options (>= 2.2)
      System.Buffers (>= 4.5)
      System.IO.Pipelines (>= 4.5.2)
      System.Memory (>= 4.5.1)
      System.Numerics.Vectors (>= 4.5)
      System.Runtime.CompilerServices.Unsafe (>= 4.5.1)
      System.Security.Principal.Windows (>= 4.5)
    Microsoft.AspNetCore.Server.Kestrel (2.2)
      Microsoft.AspNetCore.Hosting (>= 2.2)
      Microsoft.AspNetCore.Server.Kestrel.Core (>= 2.2)
      Microsoft.AspNetCore.Server.Kestrel.Https (>= 2.2)
      Microsoft.AspNetCore.Server.Kestrel.Transport.Sockets (>= 2.2)
    Microsoft.AspNetCore.Server.Kestrel.Core (2.2)
      Microsoft.AspNetCore.Hosting.Abstractions (>= 2.2)
      Microsoft.AspNetCore.Http (>= 2.2)
      Microsoft.AspNetCore.Server.Kestrel.Transport.Abstractions (>= 2.2)
      Microsoft.AspNetCore.WebUtilities (>= 2.2)
      Microsoft.Extensions.Configuration.Binder (>= 2.2)
      Microsoft.Extensions.Logging.Abstractions (>= 2.2)
      Microsoft.Extensions.Options (>= 2.2)
      Microsoft.Net.Http.Headers (>= 2.2)
      System.Memory (>= 4.5.1)
      System.Numerics.Vectors (>= 4.5)
      System.Runtime.CompilerServices.Unsafe (>= 4.5.1)
      System.Security.Cryptography.Cng (>= 4.5)
      System.Threading.Tasks.Extensions (>= 4.5.1)
    Microsoft.AspNetCore.Server.Kestrel.Https (2.2)
      Microsoft.AspNetCore.Http.Abstractions (>= 2.2)
      Microsoft.AspNetCore.Server.Kestrel.Core (>= 2.2)
    Microsoft.AspNetCore.Server.Kestrel.Transport.Abstractions (2.2)
      Microsoft.AspNetCore.Connections.Abstractions (>= 2.2)
    Microsoft.AspNetCore.Server.Kestrel.Transport.Sockets (2.2.1)
      Microsoft.AspNetCore.Hosting.Abstractions (>= 2.2)
      Microsoft.AspNetCore.Server.Kestrel.Transport.Abstractions (>= 2.2)
      Microsoft.Extensions.Options (>= 2.2)
    Microsoft.AspNetCore.StaticFiles (2.2)
      Microsoft.AspNetCore.Hosting.Abstractions (>= 2.2)
      Microsoft.AspNetCore.Http.Extensions (>= 2.2)
      Microsoft.Extensions.FileProviders.Abstractions (>= 2.2)
      Microsoft.Extensions.Logging.Abstractions (>= 2.2)
      Microsoft.Extensions.WebEncoders (>= 2.2)
    Microsoft.AspNetCore.WebUtilities (2.2)
      Microsoft.Net.Http.Headers (>= 2.2)
      System.Text.Encodings.Web (>= 4.5)
    Microsoft.Extensions.Configuration (7.0)
      Microsoft.Extensions.Configuration.Abstractions (>= 7.0)
      Microsoft.Extensions.Primitives (>= 7.0)
    Microsoft.Extensions.Configuration.Abstractions (7.0)
      Microsoft.Extensions.Primitives (>= 7.0)
    Microsoft.Extensions.Configuration.Binder (7.0.4)
      Microsoft.Extensions.Configuration.Abstractions (>= 7.0)
    Microsoft.Extensions.Configuration.CommandLine (7.0)
      Microsoft.Extensions.Configuration (>= 7.0)
      Microsoft.Extensions.Configuration.Abstractions (>= 7.0)
    Microsoft.Extensions.Configuration.EnvironmentVariables (7.0)
      Microsoft.Extensions.Configuration (>= 7.0)
      Microsoft.Extensions.Configuration.Abstractions (>= 7.0)
    Microsoft.Extensions.Configuration.FileExtensions (7.0)
      Microsoft.Extensions.Configuration (>= 7.0)
      Microsoft.Extensions.Configuration.Abstractions (>= 7.0)
      Microsoft.Extensions.FileProviders.Abstractions (>= 7.0)
      Microsoft.Extensions.FileProviders.Physical (>= 7.0)
      Microsoft.Extensions.Primitives (>= 7.0)
    Microsoft.Extensions.Configuration.Json (7.0)
      Microsoft.Extensions.Configuration (>= 7.0)
      Microsoft.Extensions.Configuration.Abstractions (>= 7.0)
      Microsoft.Extensions.Configuration.FileExtensions (>= 7.0)
      Microsoft.Extensions.FileProviders.Abstractions (>= 7.0)
      System.Text.Json (>= 7.0)
    Microsoft.Extensions.Configuration.UserSecrets (7.0)
      Microsoft.Extensions.Configuration.Abstractions (>= 7.0)
      Microsoft.Extensions.Configuration.Json (>= 7.0)
      Microsoft.Extensions.FileProviders.Abstractions (>= 7.0)
      Microsoft.Extensions.FileProviders.Physical (>= 7.0)
    Microsoft.Extensions.DependencyInjection (7.0)
      Microsoft.Extensions.DependencyInjection.Abstractions (>= 7.0)
    Microsoft.Extensions.DependencyInjection.Abstractions (7.0)
    Microsoft.Extensions.Features (7.0.13)
    Microsoft.Extensions.FileProviders.Abstractions (7.0)
      Microsoft.Extensions.Primitives (>= 7.0)
    Microsoft.Extensions.FileProviders.Physical (7.0)
      Microsoft.Extensions.FileProviders.Abstractions (>= 7.0)
      Microsoft.Extensions.FileSystemGlobbing (>= 7.0)
      Microsoft.Extensions.Primitives (>= 7.0)
    Microsoft.Extensions.FileSystemGlobbing (7.0)
    Microsoft.Extensions.Hosting.Abstractions (7.0)
      Microsoft.Extensions.Configuration.Abstractions (>= 7.0)
      Microsoft.Extensions.DependencyInjection.Abstractions (>= 7.0)
      Microsoft.Extensions.FileProviders.Abstractions (>= 7.0)
    Microsoft.Extensions.Logging (7.0)
      Microsoft.Extensions.DependencyInjection (>= 7.0)
      Microsoft.Extensions.DependencyInjection.Abstractions (>= 7.0)
      Microsoft.Extensions.Logging.Abstractions (>= 7.0)
      Microsoft.Extensions.Options (>= 7.0)
    Microsoft.Extensions.Logging.Abstractions (7.0.1)
    Microsoft.Extensions.Logging.Configuration (7.0)
      Microsoft.Extensions.Configuration (>= 7.0)
      Microsoft.Extensions.Configuration.Abstractions (>= 7.0)
      Microsoft.Extensions.Configuration.Binder (>= 7.0)
      Microsoft.Extensions.DependencyInjection.Abstractions (>= 7.0)
      Microsoft.Extensions.Logging (>= 7.0)
      Microsoft.Extensions.Logging.Abstractions (>= 7.0)
      Microsoft.Extensions.Options (>= 7.0)
      Microsoft.Extensions.Options.ConfigurationExtensions (>= 7.0)
    Microsoft.Extensions.Logging.Console (7.0)
      Microsoft.Extensions.DependencyInjection.Abstractions (>= 7.0)
      Microsoft.Extensions.Logging (>= 7.0)
      Microsoft.Extensions.Logging.Abstractions (>= 7.0)
      Microsoft.Extensions.Logging.Configuration (>= 7.0)
      Microsoft.Extensions.Options (>= 7.0)
      System.Runtime.CompilerServices.Unsafe (>= 6.0)
      System.Text.Json (>= 7.0)
    Microsoft.Extensions.Logging.Debug (7.0)
      Microsoft.Extensions.DependencyInjection.Abstractions (>= 7.0)
      Microsoft.Extensions.Logging (>= 7.0)
      Microsoft.Extensions.Logging.Abstractions (>= 7.0)
    Microsoft.Extensions.Logging.EventSource (7.0)
      Microsoft.Extensions.DependencyInjection.Abstractions (>= 7.0)
      Microsoft.Extensions.Logging (>= 7.0)
      Microsoft.Extensions.Logging.Abstractions (>= 7.0)
      Microsoft.Extensions.Options (>= 7.0)
      Microsoft.Extensions.Primitives (>= 7.0)
      System.Runtime.CompilerServices.Unsafe (>= 6.0)
      System.Text.Json (>= 7.0)
    Microsoft.Extensions.ObjectPool (7.0.13)
    Microsoft.Extensions.Options (7.0.1)
      Microsoft.Extensions.DependencyInjection.Abstractions (>= 7.0)
      Microsoft.Extensions.Primitives (>= 7.0)
    Microsoft.Extensions.Options.ConfigurationExtensions (7.0)
      Microsoft.Extensions.Configuration.Abstractions (>= 7.0)
      Microsoft.Extensions.Configuration.Binder (>= 7.0)
      Microsoft.Extensions.DependencyInjection.Abstractions (>= 7.0)
      Microsoft.Extensions.Options (>= 7.0)
      Microsoft.Extensions.Primitives (>= 7.0)
    Microsoft.Extensions.Primitives (7.0)
      System.Runtime.CompilerServices.Unsafe (>= 6.0)
    Microsoft.Extensions.WebEncoders (7.0.13)
      Microsoft.Extensions.DependencyInjection.Abstractions (>= 7.0)
      Microsoft.Extensions.Options (>= 7.0.1)
      System.Text.Encodings.Web (>= 7.0)
    Microsoft.Net.Http.Headers (2.2.8)
      Microsoft.Extensions.Primitives (>= 2.2)
      System.Buffers (>= 4.5)
    Microsoft.Win32.SystemEvents (7.0)
    Newtonsoft.Json (13.0.3)
    System.Buffers (4.5.1)
    System.Collections.Immutable (7.0)
      System.Runtime.CompilerServices.Unsafe (>= 6.0)
    System.Configuration.ConfigurationManager (7.0)
      System.Security.Cryptography.ProtectedData (>= 7.0)
      System.Security.Permissions (>= 7.0)
    System.Diagnostics.DiagnosticSource (7.0.2)
      System.Runtime.CompilerServices.Unsafe (>= 6.0)
    System.Drawing.Common (7.0)
      Microsoft.Win32.SystemEvents (>= 7.0)
    System.Formats.Asn1 (7.0)
    System.IO.Pipelines (7.0)
    System.Memory (4.5.5)
    System.Numerics.Vectors (4.5)
    System.Reflection.Emit.Lightweight (4.7)
    System.Reflection.Metadata (7.0.2)
      System.Collections.Immutable (>= 7.0)
    System.Runtime.CompilerServices.Unsafe (6.0)
    System.Security.Cryptography.Cng (5.0)
      System.Formats.Asn1 (>= 5.0)
    System.Security.Cryptography.ProtectedData (7.0.1)
    System.Security.Permissions (7.0)
      System.Windows.Extensions (>= 7.0)
    System.Security.Principal.Windows (5.0)
    System.Text.Encodings.Web (7.0)
      System.Runtime.CompilerServices.Unsafe (>= 6.0)
    System.Text.Json (7.0.3)
      System.Runtime.CompilerServices.Unsafe (>= 6.0)
      System.Text.Encodings.Web (>= 7.0)
    System.Threading.Tasks.Extensions (4.5.4)
    System.Windows.Extensions (7.0)
      System.Drawing.Common (>= 7.0)
  remote: https://nuget.pkg.github.com/dotnet-websharper/index.json
    WebSharper (7.0.3.355-beta2)
      FSharp.Core (>= 6.0)
      System.Reflection.Emit.Lightweight (>= 4.7)
    WebSharper.AspNetCore (7.0.3.355-beta2)
      Microsoft.AspNetCore.Authentication.Abstractions (>= 2.0)
      Microsoft.AspNetCore.Hosting.Abstractions (>= 2.0)
      Microsoft.AspNetCore.Mvc.Abstractions (>= 2.0)
      System.Configuration.ConfigurationManager (>= 4.7)
      WebSharper (7.0.3.355-beta2)
    WebSharper.FSharp (7.0.3.355-beta2)
      WebSharper (7.0.3.355-beta2)
    WebSharper.MathJS (7.0.3.355-beta2)
      WebSharper (7.0.3.355-beta2)
    WebSharper.UI (7.0.1.355-beta2)
      HtmlAgilityPack (>= 1.11)
      WebSharper (>= 7.0.3 < 7.1)
      WebSharper.MathJS (>= 7.0.3 < 7.1)

GROUP wsbuild

GIT
  remote: https://github.com/dotnet-websharper/build-script
     (0153b1033e752df2da5672528e9e04bedafefbea)